GEM
  remote: https://rubygems.org/
  specs:
    binding_of_caller (0.8.0)
      debug_inspector (>= 0.0.1)
    chunky_png (1.3.11)
    coderay (1.1.2)
    debug_inspector (0.0.3)
    interception (0.5)
    method_source (0.9.2)
    minitest (5.11.3)
    pry (0.12.2)
      coderay (~> 1.1.0)
      method_source (~> 0.9.0)
    pry-rescue (1.5.0)
      interception (>= 0.5)
      pry (>= 0.12.0)
    pry-stack_explorer (0.4.9.3)
      binding_of_caller (>= 0.7)
      pry (>= 0.9.11)
    rake (12.3.2)

PLATFORMS
  ruby

DEPENDENCIES
  chunky_png (= 1.3.11)!
  minitest (~> 5.11, >= 5.11.3)!
  pry-rescue (= 1.5.0)!
  pry-stack_explorer (= 0.4.9.3)!
  rake (~> 12.3.2)!

RUBY VERSION
   ruby 2.5.3p105

BUNDLED WITH
   1.17.2
