GEM
  remote: https://rubygems.org/
  specs:
    chunky_png (1.3.11)
    minitest (5.11.3)
    rake (12.3.2)

PLATFORMS
  ruby

DEPENDENCIES
  chunky_png (= 1.3.11)!
  minitest (~> 5.11, >= 5.11.3)!
  rake (~> 12.3.2)!

RUBY VERSION
   ruby 2.5.3p105

BUNDLED WITH
   1.17.2
